GEM
  remote: https://rubygems.org/
  specs:
    bitters (1.2.0)
      bourbon (>= 4.2)
      sass (>= 3.4)
      thor
    bourbon (4.2.7)
      sass (~> 3.4)
      thor (~> 0.19)
    high_voltage (2.4.0)
    neat (1.7.4)
      bourbon (>= 4.0)
      sass (>= 3.3)
    refills (0.1.0)
    sass (3.4.22)
    thor (0.19.1)

PLATFORMS
  ruby

DEPENDENCIES
  bitters (~> 1.2)
  bourbon (~> 4.2, >= 4.2.7)
  high_voltage (~> 2.4)
  neat (~> 1.7, >= 1.7.4)
  refills (~> 0.1.0)
  sass

RUBY VERSION
   ruby 2.2.3p173

BUNDLED WITH
   1.12.5
